NUGET
  remote: https://www.nuget.org/api/v2
    Microsoft.Bcl (1.1.10) - framework: >= net45, monoandroid, monotouch, xamarinios
      Microsoft.Bcl.Build (>= 1.0.14)
    Microsoft.Bcl.Build (1.0.21) - import_targets: false, framework: >= net45, monoandroid, monotouch, xamarinios
    Microsoft.Net.Http (2.2.29) - framework: >= net45, monoandroid, monotouch, xamarinios
      Microsoft.Bcl (>= 1.1.10)
      Microsoft.Bcl.Build (>= 1.0.14)
    WebDAVClient (1.1.2)
      Microsoft.Net.Http (>= 2.2.28) - framework: >= net45, monoandroid, monotouch, xamarinios
